GEM
  remote: http://rubygems.org/
  specs:
    bluecloth (2.0.9)
    builder (3.0.0)
    git (1.2.5)
    jeweler (1.5.1)
      bundler (~> 1.0.0)
      git (>= 1.2.5)
      rake
    rake (0.8.7)
    rcov (0.9.9)
    yard (0.6.3)

PLATFORMS
  ruby

DEPENDENCIES
  bluecloth
  builder
  bundler (~> 1.0.0)
  jeweler (~> 1.5.1)
  rcov
  yard (~> 0.6.0)
